GIT
  remote: https://github.com/18F/identity-hostdata.git
  revision: e33cbdb3a9c8826f6fc2b1f857fb713a4a233750
  tag: v3.4.2
  specs:
    identity-hostdata (3.4.1)
      activesupport (>= 6.1, < 8)
      aws-sdk-s3 (~> 1.8)

GIT
  remote: https://github.com/18F/identity-logging.git
  revision: 7a341c9784275f44b0b0c3456a00a51fa79f4241
  tag: v0.1.0
  specs:
    identity-logging (0.1.0)
      lograge (>= 0.11.2)
      rails (>= 6.1)

GIT
  remote: https://github.com/18F/identity-validations.git
  revision: 21aa405b0ad413b88eecf30227132a2b8d6d6835
  tag: v0.7.2
  specs:
    identity_validations (0.7.2)

GIT
  remote: https://github.com/18F/redis-session-store.git
  revision: 9e3f8a22a1b5d1e835e5cba20c51e38b8965b836
  tag: v1.0.1-18f
  specs:
    redis-session-store (1.0.1.pre.18f)
      actionpack (>= 6, < 8)
      redis (>= 4.3, < 6)

GIT
  remote: https://github.com/18F/saml_idp.git
  revision: 5d9a9b0411e3bd79bf1159c94293ec55053884d4
  tag: 0.18.2-18f
  specs:
    saml_idp (0.18.2.pre.18f)
      activesupport
      builder
      faraday
      nokogiri (>= 1.10.2)
      pkcs11

GIT
  remote: https://github.com/hashrocket/capybara-webmock.git
  revision: d3f3b7c8edbeca7b575e74b256ad22df80d2b420
  ref: d3f3b7c
  specs:
    capybara-webmock (0.6.0)
      capybara (>= 2.4, < 4)
      rack (>= 1.4)
      rack-proxy (>= 0.6.0)
      rexml (>= 3.2)
      selenium-webdriver (>= 4.0)
      webrick (>= 1.7)

GEM
  remote: https://rubygems.org/
  specs:
    actioncable (7.0.5.1)
      actionpack (= 7.0.5.1)
      activesupport (= 7.0.5.1)
      nio4r (~> 2.0)
      websocket-driver (>= 0.6.1)
    actionmailbox (7.0.5.1)
      actionpack (= 7.0.5.1)
      activejob (= 7.0.5.1)
      activerecord (= 7.0.5.1)
      activestorage (= 7.0.5.1)
      activesupport (= 7.0.5.1)
      mail (>= 2.7.1)
      net-imap
      net-pop
      net-smtp
    actionmailer (7.0.5.1)
      actionpack (= 7.0.5.1)
      actionview (= 7.0.5.1)
      activejob (= 7.0.5.1)
      activesupport (= 7.0.5.1)
      mail (~> 2.5, >= 2.5.4)
      net-imap
      net-pop
      net-smtp
      rails-dom-testing (~> 2.0)
    actionpack (7.0.5.1)
      actionview (= 7.0.5.1)
      activesupport (= 7.0.5.1)
      rack (~> 2.0, >= 2.2.4)
      rack-test (>= 0.6.3)
      rails-dom-testing (~> 2.0)
      rails-html-sanitizer (~> 1.0, >= 1.2.0)
    actiontext (7.0.5.1)
      actionpack (= 7.0.5.1)
      activerecord (= 7.0.5.1)
      activestorage (= 7.0.5.1)
      activesupport (= 7.0.5.1)
      globalid (>= 0.6.0)
      nokogiri (>= 1.8.5)
    actionview (7.0.5.1)
      activesupport (= 7.0.5.1)
      builder (~> 3.1)
      erubi (~> 1.4)
      rails-dom-testing (~> 2.0)
      rails-html-sanitizer (~> 1.1, >= 1.2.0)
    activejob (7.0.5.1)
      activesupport (= 7.0.5.1)
      globalid (>= 0.3.6)
    activemodel (7.0.5.1)
      activesupport (= 7.0.5.1)
    activerecord (7.0.5.1)
      activemodel (= 7.0.5.1)
      activesupport (= 7.0.5.1)
    activerecord-postgis-adapter (8.0.2)
      activerecord (~> 7.0.0)
      rgeo-activerecord (~> 7.0.0)
    activestorage (7.0.5.1)
      actionpack (= 7.0.5.1)
      activejob (= 7.0.5.1)
      activerecord (= 7.0.5.1)
      activesupport (= 7.0.5.1)
      marcel (~> 1.0)
      mini_mime (>= 1.1.0)
    activesupport (7.0.5.1)
      concurrent-ruby (~> 1.0, >= 1.0.2)
      i18n (>= 1.6, < 2)
      minitest (>= 5.1)
      tzinfo (~> 2.0)
    addressable (2.8.1)
      public_suffix (>= 2.0.2, < 6.0)
    ahoy_matey (3.3.0)
      activesupport (>= 5)
      device_detector
      geocoder (>= 1.4.5)
      safely_block (>= 0.2.1)
    android_key_attestation (0.3.0)
    ast (2.4.2)
    awrence (1.2.1)
    aws-eventstream (1.2.0)
    aws-partitions (1.684.0)
    aws-sdk-cloudwatchlogs (1.49.0)
      aws-sdk-core (~> 3, >= 3.122.0)
      aws-sigv4 (~> 1.1)
    aws-sdk-core (3.168.4)
      aws-eventstream (~> 1, >= 1.0.2)
      aws-partitions (~> 1, >= 1.651.0)
      aws-sigv4 (~> 1.5)
      jmespath (~> 1, >= 1.6.1)
    aws-sdk-kms (1.61.0)
      aws-sdk-core (~> 3, >= 3.165.0)
      aws-sigv4 (~> 1.1)
    aws-sdk-pinpoint (1.62.0)
      aws-sdk-core (~> 3, >= 3.122.0)
      aws-sigv4 (~> 1.1)
    aws-sdk-pinpointsmsvoice (1.29.0)
      aws-sdk-core (~> 3, >= 3.122.0)
      aws-sigv4 (~> 1.1)
    aws-sdk-s3 (1.117.2)
      aws-sdk-core (~> 3, >= 3.165.0)
      aws-sdk-kms (~> 1)
      aws-sigv4 (~> 1.4)
    aws-sdk-ses (1.44.0)
      aws-sdk-core (~> 3, >= 3.122.0)
      aws-sigv4 (~> 1.1)
    aws-sdk-sns (1.49.0)
      aws-sdk-core (~> 3, >= 3.122.0)
      aws-sigv4 (~> 1.1)
    aws-sdk-sqs (1.53.0)
      aws-sdk-core (~> 3, >= 3.165.0)
      aws-sigv4 (~> 1.1)
    aws-sigv4 (1.5.2)
      aws-eventstream (~> 1, >= 1.0.2)
    axe-core-api (4.3.2)
      dumb_delegator
      virtus
    axe-core-rspec (4.3.2)
      axe-core-api
      dumb_delegator
      virtus
    axiom-types (0.1.1)
      descendants_tracker (~> 0.0.4)
      ice_nine (~> 0.11.0)
      thread_safe (~> 0.3, >= 0.3.1)
    barby (0.6.8)
    base32-crockford (0.1.0)
    bcrypt (3.1.16)
    benchmark-ips (2.9.2)
    better_errors (2.9.1)
      coderay (>= 1.0.0)
      erubi (>= 1.0.0)
      rack (>= 0.9.0)
    better_html (2.0.1)
      actionview (>= 6.0)
      activesupport (>= 6.0)
      ast (~> 2.0)
      erubi (~> 1.4)
      parser (>= 2.4)
      smart_properties
    bindata (2.4.14)
    binding_of_caller (1.0.0)
      debug_inspector (>= 0.0.1)
    bootsnap (1.15.0)
      msgpack (~> 1.2)
    brakeman (5.4.1)
    browser (5.3.1)
    builder (3.2.4)
    bullet (7.0.7)
      activesupport (>= 3.0.0)
      uniform_notifier (~> 1.11)
    bundler-audit (0.9.0.1)
      bundler (>= 1.2.0, < 3)
      thor (~> 1.0)
    byebug (11.1.3)
    capybara (3.38.0)
      addressable
      matrix
      mini_mime (>= 0.1.3)
      nokogiri (~> 1.8)
      rack (>= 1.6.0)
      rack-test (>= 0.6.3)
      regexp_parser (>= 1.5, < 3.0)
      xpath (~> 3.2)
    cbor (0.5.9.6)
    choice (0.2.0)
    chunky_png (1.4.0)
    coderay (1.1.3)
    coercible (1.0.0)
      descendants_tracker (~> 0.0.1)
    concurrent-ruby (1.2.2)
    connection_pool (2.4.0)
    cose (1.3.0)
      cbor (~> 0.5.9)
      openssl-signature_algorithm (~> 1.0)
    crack (0.4.5)
      rexml
    crass (1.0.6)
    css_parser (1.14.0)
      addressable
    cssbundling-rails (1.0.0)
      railties (>= 6.0.0)
    date (3.3.3)
    debug_inspector (1.1.0)
    derailed_benchmarks (1.8.1)
      benchmark-ips (~> 2)
      get_process_mem (~> 0)
      heapy (~> 0)
      memory_profiler (~> 0)
      mini_histogram (>= 0.2.1)
      rack (>= 1)
      rake (> 10, < 14)
      ruby-statistics (>= 2.1)
      thor (>= 0.19, < 2)
    descendants_tracker (0.0.4)
      thread_safe (~> 0.3, >= 0.3.1)
    device_detector (1.0.7)
    devise (4.8.1)
      bcrypt (~> 3.0)
      orm_adapter (~> 0.1)
      railties (>= 4.1.0)
      responders
      warden (~> 1.2.3)
    diff-lcs (1.5.0)
    docile (1.4.0)
    dotiw (5.3.2)
      activesupport
      i18n
    dumb_delegator (1.0.0)
    email_spec (2.2.0)
      htmlentities (~> 4.3.3)
      launchy (~> 2.1)
      mail (~> 2.7)
    erb_lint (0.3.1)
      activesupport
      better_html (>= 2.0.1)
      parser (>= 2.7.1.4)
      rainbow
      rubocop
      smart_properties
    errbase (0.2.1)
    erubi (1.12.0)
    et-orbi (1.2.7)
      tzinfo
    execjs (2.8.1)
    factory_bot (6.2.1)
      activesupport (>= 5.0.0)
    factory_bot_rails (6.2.0)
      factory_bot (~> 6.2.0)
      railties (>= 5.0.0)
    faker (2.19.0)
      i18n (>= 1.6, < 2)
    faraday (2.7.4)
      faraday-net_http (>= 2.0, < 3.1)
      ruby2_keywords (>= 0.0.4)
    faraday-net_http (3.0.2)
    faraday-retry (2.0.0)
      faraday (~> 2.0)
    ffi (1.15.4)
    ffi-compiler (1.0.1)
      ffi (>= 1.0.0)
      rake
    formatador (0.2.5)
    foundation_emails (2.2.1.0)
    fugit (1.8.1)
      et-orbi (~> 1, >= 1.2.7)
      raabro (~> 1.4)
    geocoder (1.7.0)
    get_process_mem (0.2.7)
      ffi (~> 1.0)
    globalid (1.1.0)
      activesupport (>= 5.0)
    good_job (3.12.3)
      activejob (>= 6.0.0)
      activerecord (>= 6.0.0)
      concurrent-ruby (>= 1.0.2)
      fugit (>= 1.1)
      railties (>= 6.0.0)
      thor (>= 0.14.1)
      webrick (>= 1.3)
    google-protobuf (3.21.12)
    guard (2.16.2)
      formatador (>= 0.2.4)
      listen (>= 2.7, < 4.0)
      lumberjack (>= 1.0.12, < 2.0)
      nenv (~> 0.1)
      notiffany (~> 0.0)
      pry (>= 0.9.12)
      shellany (~> 0.0)
      thor (>= 0.18.1)
    guard-compat (1.2.1)
    guard-rspec (4.7.3)
      guard (~> 2.1)
      guard-compat (~> 1.1)
      rspec (>= 2.99.0, < 4.0)
    hashdiff (1.0.1)
    hashie (4.1.0)
    heapy (0.2.0)
      thor
    highline (2.1.0)
    htmlbeautifier (1.4.2)
    htmlentities (4.3.4)
    http_accept_language (2.1.1)
    i18n (1.14.1)
      concurrent-ruby (~> 1.0)
    i18n-tasks (1.0.12)
      activesupport (>= 4.0.2)
      ast (>= 2.1.0)
      better_html (>= 1.0, < 3.0)
      erubi
      highline (>= 2.0.0)
      i18n
      parser (>= 2.2.3.0)
      rails-i18n
      rainbow (>= 2.2.2, < 4.0)
      terminal-table (>= 1.5.1)
    ice_nine (0.11.2)
    io-console (0.5.9)
    irb (1.3.7)
      reline (>= 0.2.7)
    jmespath (1.6.2)
    jsbundling-rails (1.1.2)
      railties (>= 6.0.0)
    json (2.6.3)
    jwe (0.4.0)
    jwt (2.4.1)
    knapsack (4.0.0)
      rake
    launchy (2.5.0)
      addressable (~> 2.7)
    letter_opener (1.8.1)
      launchy (>= 2.2, < 3)
    listen (3.5.1)
      rb-fsevent (~> 0.10, >= 0.10.3)
      rb-inotify (~> 0.9, >= 0.9.10)
    lograge (0.11.2)
      actionpack (>= 4)
      activesupport (>= 4)
      railties (>= 4)
      request_store (~> 1.0)
    loofah (2.21.3)
      crass (~> 1.0.2)
      nokogiri (>= 1.12.0)
    lookbook (2.0.3)
      activemodel
      css_parser
      htmlbeautifier (~> 1.3)
      htmlentities (~> 4.3.4)
      marcel (~> 1.0)
      railties (>= 5.0)
      redcarpet (~> 3.5)
      rouge (>= 3.26, < 5.0)
      view_component (>= 2.0)
      yard (~> 0.9.25)
      zeitwerk (~> 2.5)
    lru_redux (1.1.0)
    lumberjack (1.2.8)
    mail (2.8.1)
      mini_mime (>= 0.1.1)
      net-imap
      net-pop
      net-smtp
    marcel (1.0.2)
    matrix (0.4.2)
    maxminddb (0.1.22)
    memory_profiler (0.9.14)
    method_source (1.0.0)
    mini_histogram (0.3.1)
    mini_mime (1.1.2)
    mini_portile2 (2.8.2)
    minitest (5.18.1)
    msgpack (1.6.0)
    multiset (0.5.3)
    nenv (0.3.0)
    net-imap (0.3.6)
      date
      net-protocol
    net-pop (0.1.2)
      net-protocol
    net-protocol (0.2.1)
      timeout
    net-sftp (3.0.0)
      net-ssh (>= 5.0.0, < 7.0.0)
    net-smtp (0.3.3)
      net-protocol
    net-ssh (6.1.0)
    newrelic_rpm (8.15.0)
    nio4r (2.5.9)
    nokogiri (1.14.5)
      mini_portile2 (~> 2.8.0)
      racc (~> 1.4)
    notiffany (0.1.3)
      nenv (~> 0.1)
      shellany (~> 0.0)
    octokit (5.1.0)
      faraday (>= 1, < 3)
      sawyer (~> 0.9)
    openssl (3.0.2)
    openssl-signature_algorithm (1.2.1)
      openssl (> 2.0, < 3.1)
    orm_adapter (0.5.0)
    parallel (1.22.1)
    parser (3.2.2.0)
      ast (~> 2.4.1)
    pg (1.4.5)
    pg_query (2.2.0)
      google-protobuf (>= 3.19.2)
    phonelib (0.6.54)
    pkcs11 (0.3.4)
    premailer (1.21.0)
      addressable
      css_parser (>= 1.12.0)
      htmlentities (>= 4.0.0)
    premailer-rails (1.12.0)
      actionmailer (>= 3)
      net-smtp
      premailer (~> 1.7, >= 1.7.9)
    profanity_filter (0.1.1)
    propshaft (0.7.0)
      actionpack (>= 7.0.0)
      activesupport (>= 7.0.0)
      rack
      railties (>= 7.0.0)
    pry (0.14.1)
      coderay (~> 1.1)
      method_source (~> 1.0)
    pry-byebug (3.10.1)
      byebug (~> 11.0)
      pry (>= 0.13, < 0.15)
    pry-doc (1.4.0)
      pry (~> 0.11)
      yard (~> 0.9.11)
    pry-rails (0.3.9)
      pry (>= 0.10.4)
    psych (4.0.2)
    public_suffix (5.0.1)
    puma (5.6.4)
      nio4r (~> 2.0)
    raabro (1.4.0)
    racc (1.7.1)
    rack (2.2.7)
    rack-attack (6.5.0)
      rack (>= 1.0, < 3)
    rack-cors (1.1.1)
      rack (>= 2.0.0)
    rack-headers_filter (0.0.1)
    rack-mini-profiler (2.3.3)
      rack (>= 1.2.0)
    rack-proxy (0.7.4)
      rack
    rack-test (2.1.0)
      rack (>= 1.3)
    rack-timeout (0.6.0)
    rack_session_access (0.2.0)
      builder (>= 2.0.0)
      rack (>= 1.0.0)
    rails (7.0.5.1)
      actioncable (= 7.0.5.1)
      actionmailbox (= 7.0.5.1)
      actionmailer (= 7.0.5.1)
      actionpack (= 7.0.5.1)
      actiontext (= 7.0.5.1)
      actionview (= 7.0.5.1)
      activejob (= 7.0.5.1)
      activemodel (= 7.0.5.1)
      activerecord (= 7.0.5.1)
      activestorage (= 7.0.5.1)
      activesupport (= 7.0.5.1)
      bundler (>= 1.15.0)
      railties (= 7.0.5.1)
    rails-controller-testing (1.0.5)
      actionpack (>= 5.0.1.rc1)
      actionview (>= 5.0.1.rc1)
      activesupport (>= 5.0.1.rc1)
    rails-dom-testing (2.0.3)
      activesupport (>= 4.2.0)
      nokogiri (>= 1.6)
    rails-erd (1.6.1)
      activerecord (>= 4.2)
      activesupport (>= 4.2)
      choice (~> 0.2.0)
      ruby-graphviz (~> 1.2)
    rails-html-sanitizer (1.6.0)
      loofah (~> 2.21)
      nokogiri (~> 1.14)
    rails-i18n (7.0.6)
      i18n (>= 0.7, < 2)
      railties (>= 6.0.0, < 8)
    railties (7.0.5.1)
      actionpack (= 7.0.5.1)
      activesupport (= 7.0.5.1)
      method_source
      rake (>= 12.2)
      thor (~> 1.0)
      zeitwerk (~> 2.5)
    rainbow (3.1.1)
    rake (13.0.6)
    rb-fsevent (0.10.4)
    rb-inotify (0.10.1)
      ffi (~> 1.0)
    redacted_struct (1.1.0)
    redcarpet (3.6.0)
    redis (5.0.6)
      redis-client (>= 0.9.0)
    redis-client (0.14.1)
      connection_pool
    regexp_parser (2.6.1)
    reline (0.2.7)
      io-console (~> 0.5)
    request_store (1.5.0)
      rack (>= 1.4)
    responders (3.0.1)
      actionpack (>= 5.0)
      railties (>= 5.0)
    retries (0.0.5)
    rexml (3.2.5)
    rgeo (3.0.0)
    rgeo-activerecord (7.0.1)
      activerecord (>= 5.0)
      rgeo (>= 1.0.0)
    rotp (6.2.0)
    rouge (4.1.1)
    rqrcode (2.1.0)
      chunky_png (~> 1.0)
      rqrcode_core (~> 1.0)
    rqrcode_core (1.2.0)
    rspec (3.12.0)
      rspec-core (~> 3.12.0)
      rspec-expectations (~> 3.12.0)
      rspec-mocks (~> 3.12.0)
    rspec-core (3.12.2)
      rspec-support (~> 3.12.0)
    rspec-expectations (3.12.3)
      diff-lcs (>= 1.2.0, < 2.0)
      rspec-support (~> 3.12.0)
    rspec-mocks (3.12.5)
      diff-lcs (>= 1.2.0, < 2.0)
      rspec-support (~> 3.12.0)
    rspec-rails (6.0.1)
      actionpack (>= 6.1)
      activesupport (>= 6.1)
      railties (>= 6.1)
      rspec-core (~> 3.11)
      rspec-expectations (~> 3.11)
      rspec-mocks (~> 3.11)
      rspec-support (~> 3.11)
    rspec-retry (0.6.2)
      rspec-core (> 3.3)
    rspec-support (3.12.0)
    rspec_junit_formatter (0.6.0)
      rspec-core (>= 2, < 4, != 2.12.0)
    rubocop (1.43.0)
      json (~> 2.3)
      parallel (~> 1.10)
      parser (>= 3.2.0.0)
      rainbow (>= 2.2.2, < 4.0)
      regexp_parser (>= 1.8, < 3.0)
      rexml (>= 3.2.5, < 4.0)
      rubocop-ast (>= 1.24.1, < 2.0)
      ruby-progressbar (~> 1.7)
      unicode-display_width (>= 2.4.0, < 3.0)
    rubocop-ast (1.24.1)
      parser (>= 3.1.1.0)
    rubocop-performance (1.15.2)
      rubocop (>= 1.7.0, < 2.0)
      rubocop-ast (>= 0.4.0)
    rubocop-rails (2.12.4)
      activesupport (>= 4.2.0)
      rack (>= 1.1)
      rubocop (>= 1.7.0, < 2.0)
    ruby-graphviz (1.2.5)
      rexml
    ruby-progressbar (1.11.0)
    ruby-saml (1.13.0)
      nokogiri (>= 1.10.5)
      rexml
    ruby-statistics (2.1.3)
    ruby2_keywords (0.0.5)
    rubyzip (2.3.2)
    safe_target_blank (1.0.2)
      rails
    safely_block (0.3.0)
      errbase (>= 0.1.1)
    safety_net_attestation (0.4.0)
      jwt (~> 2.0)
    sawyer (0.9.2)
      addressable (>= 2.3.5)
      faraday (>= 0.17.3, < 3)
    scrypt (3.0.7)
      ffi-compiler (>= 1.0, < 2.0)
    selenium-webdriver (4.7.1)
      rexml (~> 3.2, >= 3.2.5)
      rubyzip (>= 1.2.2, < 3.0)
      websocket (~> 1.0)
    shellany (0.0.1)
    shoulda-matchers (4.5.1)
      activesupport (>= 4.2.0)
    simple_form (5.1.0)
      actionpack (>= 5.2)
      activemodel (>= 5.2)
    simplecov (0.21.2)
      docile (~> 1.1)
      simplecov-html (~> 0.11)
      simplecov_json_formatter (~> 0.1)
    simplecov-cobertura (2.0.0)
      rexml
      simplecov (~> 0.19)
    simplecov-html (0.12.3)
    simplecov_json_formatter (0.1.3)
    simpleidn (0.2.1)
      unf (~> 0.1.4)
    smart_properties (1.17.0)
    stringex (2.8.5)
    strong_migrations (0.8.0)
      activerecord (>= 5.2)
    subprocess (1.5.5)
    tableparser (1.0.1)
    terminal-table (3.0.2)
      unicode-display_width (>= 1.1.1, < 3)
    thor (1.2.2)
    thread_safe (0.3.6)
    timeout (0.4.0)
    tpm-key_attestation (0.11.0)
      bindata (~> 2.4)
      openssl (> 2.0, < 3.1)
      openssl-signature_algorithm (~> 1.0)
    tzinfo (2.0.6)
      concurrent-ruby (~> 1.0)
    uglifier (4.2.0)
      execjs (>= 0.3.0, < 3)
    unf (0.1.4)
      unf_ext
    unf_ext (0.0.8)
    unicode-display_width (2.4.2)
    uniform_notifier (1.16.0)
    valid_email (0.1.4)
      activemodel
      mail (>= 2.6.1)
      simpleidn
    view_component (3.0.0)
      activesupport (>= 5.2.0, < 8.0)
      concurrent-ruby (~> 1.0)
      method_source (~> 1.0)
    virtus (2.0.0)
      axiom-types (~> 0.1)
      coercible (~> 1.0)
      descendants_tracker (~> 0.0, >= 0.0.3)
    warden (1.2.9)
      rack (>= 2.0.9)
    webauthn (2.5.2)
      android_key_attestation (~> 0.3.0)
      awrence (~> 1.1)
      bindata (~> 2.4)
      cbor (~> 0.5.9)
      cose (~> 1.1)
      openssl (>= 2.2, < 3.1)
      safety_net_attestation (~> 0.4.0)
      tpm-key_attestation (~> 0.11.0)
    webdrivers (5.2.0)
      nokogiri (~> 1.6)
      rubyzip (>= 1.3.0)
      selenium-webdriver (~> 4.0)
    webmock (3.14.0)
      addressable (>= 2.8.0)
      crack (>= 0.3.2)
      hashdiff (>= 0.4.0, < 2.0.0)
    webrick (1.7.0)
    websocket (1.2.9)
    websocket-driver (0.7.5)
      websocket-extensions (>= 0.1.0)
    websocket-extensions (0.1.5)
    xmldsig (0.6.6)
      nokogiri (>= 1.6.8, < 2.0.0)
    xmlenc (0.8.0)
      activemodel (>= 3.0.0)
      activesupport (>= 3.0.0)
      nokogiri (>= 1.6.0, < 2.0.0)
      xmlmapper (>= 0.7.3)
    xmlmapper (0.8.1)
      nokogiri (~> 1.11)
    xpath (3.2.0)
      nokogiri (~> 1.8)
    yard (0.9.28)
      webrick (~> 1.7.0)
    zeitwerk (2.6.8)
    zonebie (0.6.1)
    zxcvbn (0.1.9)

PLATFORMS
  ruby

DEPENDENCIES
  activerecord-postgis-adapter
  ahoy_matey (~> 3.0)
  aws-sdk-cloudwatchlogs
  aws-sdk-kms (~> 1.4)
  aws-sdk-pinpoint
  aws-sdk-pinpointsmsvoice
  aws-sdk-ses (~> 1.6)
  aws-sdk-sns
  aws-sdk-sqs
  axe-core-rspec (~> 4.2)
  barby (~> 0.6.8)
  base32-crockford
  better_errors (>= 2.5.1)
  binding_of_caller
  bootsnap (~> 1.0)
  brakeman
  browser
  bullet (~> 7.0)
  bundler-audit
  capybara-webmock!
  connection_pool
  cssbundling-rails
  derailed_benchmarks (~> 1.8)
  devise (~> 4.8)
  dotiw (>= 4.0.1)
  email_spec
  erb_lint (~> 0.3.0)
  factory_bot_rails (>= 6.2.0)
  faker
  faraday (~> 2)
  faraday-retry
  foundation_emails
  good_job (~> 3.0)
  guard-rspec
  hashie (~> 4.1)
  http_accept_language
  i18n-tasks (~> 1.0)
  identity-hostdata!
  identity-logging!
  identity_validations!
  irb
  jsbundling-rails (~> 1.1.2)
  jwe
  jwt
  knapsack
  letter_opener (~> 1.8)
  listen
  lograge (>= 0.11.2)
  lookbook (~> 2.0.0)
  lru_redux
  mail
  maxminddb
  msgpack (~> 1.6)
  multiset
  net-sftp
  newrelic_rpm (~> 8.0)
  nokogiri (~> 1.14.0)
  octokit (>= 4.25.0)
  pg
  pg_query
  phonelib
  premailer-rails (>= 1.12.0)
  profanity_filter
  propshaft
  pry-byebug
  pry-doc
  pry-rails
  psych
  puma
  rack (>= 2.2.3.1)
  rack-attack (>= 6.2.1)
  rack-cors (>= 1.0.5)
  rack-headers_filter
  rack-mini-profiler (>= 1.1.3)
  rack-test (>= 1.1.0)
  rack-timeout
  rack_session_access (>= 0.2.0)
  rails (~> 7.0.0)
  rails-controller-testing (>= 1.0.4)
  rails-erd (>= 1.6.0)
  redacted_struct
  redis (>= 3.2.0)
  redis-session-store!
  retries
  rotp (~> 6.1)
  rqrcode
  rspec-rails (~> 6.0)
  rspec-retry
  rspec_junit_formatter
  rubocop (~> 1.43.0)
  rubocop-performance (~> 1.15.0)
  rubocop-rails (>= 2.5.2)
  ruby-progressbar
  ruby-saml
  safe_target_blank (>= 1.0.2)
  saml_idp!
  scrypt
  shoulda-matchers (~> 4.0)
  simple_form (>= 5.0.2)
  simplecov (~> 0.21.0)
  simplecov-cobertura
  simplecov_json_formatter
  stringex
  strong_migrations (>= 0.4.2)
  subprocess
  tableparser
  terminal-table
  uglifier (~> 4.2)
  valid_email (>= 0.1.3)
  view_component (~> 3.0.0)
  webauthn (~> 2.5.2)
  webdrivers (~> 5.2.0)
  webmock
  xmldsig (~> 0.6)
  xmlenc (~> 0.7, >= 0.7.1)
  yard
  zonebie
  zxcvbn (= 0.1.9)

RUBY VERSION
   ruby 3.2.2p53

BUNDLED WITH
   2.4.4
