GIT
  remote: https://github.com/18F/identity-hostdata.git
  revision: c69cca28c5e9dd35c66c1bfbdb5c2218b560e14b
  tag: v3.4.0
  specs:
    identity-hostdata (3.4.0)
      activesupport (~> 6.1)
      aws-sdk-s3 (~> 1.8)

GIT
  remote: https://github.com/18F/identity-logging.git
  revision: 7a341c9784275f44b0b0c3456a00a51fa79f4241
  tag: v0.1.0
  specs:
    identity-logging (0.1.0)
      lograge (>= 0.11.2)
      rails (>= 6.1)

GIT
  remote: https://github.com/18F/identity-validations.git
  revision: 21aa405b0ad413b88eecf30227132a2b8d6d6835
  tag: v0.7.2
  specs:
    identity_validations (0.7.2)

GIT
  remote: https://github.com/18F/saml_idp.git
  revision: f82bd9cd1682d1645abe98e1fe5e6261f53a8279
  tag: 0.16.0-18f
  specs:
    saml_idp (0.16.0.pre.18f)
      activesupport
      builder
      faraday
      nokogiri (>= 1.10.2)
      pkcs11
      uuid

GEM
  remote: https://rubygems.org/
  specs:
    actioncable (6.1.4.7)
      actionpack (= 6.1.4.7)
      activesupport (= 6.1.4.7)
      nio4r (~> 2.0)
      websocket-driver (>= 0.6.1)
    actionmailbox (6.1.4.7)
      actionpack (= 6.1.4.7)
      activejob (= 6.1.4.7)
      activerecord (= 6.1.4.7)
      activestorage (= 6.1.4.7)
      activesupport (= 6.1.4.7)
      mail (>= 2.7.1)
    actionmailer (6.1.4.7)
      actionpack (= 6.1.4.7)
      actionview (= 6.1.4.7)
      activejob (= 6.1.4.7)
      activesupport (= 6.1.4.7)
      mail (~> 2.5, >= 2.5.4)
      rails-dom-testing (~> 2.0)
    actionpack (6.1.4.7)
      actionview (= 6.1.4.7)
      activesupport (= 6.1.4.7)
      rack (~> 2.0, >= 2.0.9)
      rack-test (>= 0.6.3)
      rails-dom-testing (~> 2.0)
      rails-html-sanitizer (~> 1.0, >= 1.2.0)
    actiontext (6.1.4.7)
      actionpack (= 6.1.4.7)
      activerecord (= 6.1.4.7)
      activestorage (= 6.1.4.7)
      activesupport (= 6.1.4.7)
      nokogiri (>= 1.8.5)
    actionview (6.1.4.7)
      activesupport (= 6.1.4.7)
      builder (~> 3.1)
      erubi (~> 1.4)
      rails-dom-testing (~> 2.0)
      rails-html-sanitizer (~> 1.1, >= 1.2.0)
    activejob (6.1.4.7)
      activesupport (= 6.1.4.7)
      globalid (>= 0.3.6)
    activemodel (6.1.4.7)
      activesupport (= 6.1.4.7)
    activerecord (6.1.4.7)
      activemodel (= 6.1.4.7)
      activesupport (= 6.1.4.7)
    activestorage (6.1.4.7)
      actionpack (= 6.1.4.7)
      activejob (= 6.1.4.7)
      activerecord (= 6.1.4.7)
      activesupport (= 6.1.4.7)
      marcel (~> 1.0.0)
      mini_mime (>= 1.1.0)
    activesupport (6.1.4.7)
      concurrent-ruby (~> 1.0, >= 1.0.2)
      i18n (>= 1.6, < 2)
      minitest (>= 5.1)
      tzinfo (~> 2.0)
      zeitwerk (~> 2.3)
    addressable (2.8.0)
      public_suffix (>= 2.0.2, < 5.0)
    ahoy_matey (3.3.0)
      activesupport (>= 5)
      device_detector
      geocoder (>= 1.4.5)
      safely_block (>= 0.2.1)
    android_key_attestation (0.3.0)
    ast (2.4.2)
    awrence (1.2.1)
    aws-eventstream (1.2.0)
    aws-partitions (1.540.0)
    aws-sdk-cloudwatchlogs (1.49.0)
      aws-sdk-core (~> 3, >= 3.122.0)
      aws-sigv4 (~> 1.1)
    aws-sdk-core (3.124.0)
      aws-eventstream (~> 1, >= 1.0.2)
      aws-partitions (~> 1, >= 1.525.0)
      aws-sigv4 (~> 1.1)
      jmespath (~> 1.0)
    aws-sdk-kms (1.52.0)
      aws-sdk-core (~> 3, >= 3.122.0)
      aws-sigv4 (~> 1.1)
    aws-sdk-pinpoint (1.62.0)
      aws-sdk-core (~> 3, >= 3.122.0)
      aws-sigv4 (~> 1.1)
    aws-sdk-pinpointsmsvoice (1.29.0)
      aws-sdk-core (~> 3, >= 3.122.0)
      aws-sigv4 (~> 1.1)
    aws-sdk-s3 (1.87.0)
      aws-sdk-core (~> 3, >= 3.109.0)
      aws-sdk-kms (~> 1)
      aws-sigv4 (~> 1.1)
    aws-sdk-ses (1.44.0)
      aws-sdk-core (~> 3, >= 3.122.0)
      aws-sigv4 (~> 1.1)
    aws-sdk-sns (1.49.0)
      aws-sdk-core (~> 3, >= 3.122.0)
      aws-sigv4 (~> 1.1)
    aws-sigv4 (1.4.0)
      aws-eventstream (~> 1, >= 1.0.2)
    axe-core-api (4.3.2)
      dumb_delegator
      virtus
    axe-core-rspec (4.3.2)
      axe-core-api
      dumb_delegator
      virtus
    axiom-types (0.1.1)
      descendants_tracker (~> 0.0.4)
      ice_nine (~> 0.11.0)
      thread_safe (~> 0.3, >= 0.3.1)
    base32-crockford (0.1.0)
    bcrypt (3.1.16)
    benchmark-ips (2.9.2)
    better_errors (2.9.1)
      coderay (>= 1.0.0)
      erubi (>= 1.0.0)
      rack (>= 0.9.0)
    better_html (1.0.16)
      actionview (>= 4.0)
      activesupport (>= 4.0)
      ast (~> 2.0)
      erubi (~> 1.4)
      html_tokenizer (~> 0.0.6)
      parser (>= 2.4)
      smart_properties
    bindata (2.4.10)
    binding_of_caller (1.0.0)
      debug_inspector (>= 0.0.1)
    blueprinter (0.25.3)
    bootsnap (1.9.3)
      msgpack (~> 1.0)
    brakeman (5.2.0)
    browser (5.3.1)
    builder (3.2.4)
    bullet (6.1.5)
      activesupport (>= 3.0.0)
      uniform_notifier (~> 1.11)
    bundler-audit (0.9.0.1)
      bundler (>= 1.2.0, < 3)
      thor (~> 1.0)
    byebug (11.1.3)
    capybara (3.35.3)
      addressable
      mini_mime (>= 0.1.3)
      nokogiri (~> 1.8)
      rack (>= 1.6.0)
      rack-test (>= 0.6.3)
      regexp_parser (>= 1.5, < 3.0)
      xpath (~> 3.2)
    capybara-selenium (0.0.6)
      capybara
      selenium-webdriver
    cbor (0.5.9.6)
    childprocess (4.1.0)
    choice (0.2.0)
    chunky_png (1.4.0)
    coderay (1.1.3)
    coercible (1.0.0)
      descendants_tracker (~> 0.0.1)
    concurrent-ruby (1.1.9)
    connection_pool (2.2.5)
    cose (1.2.0)
      cbor (~> 0.5.9)
      openssl-signature_algorithm (~> 1.0)
    crack (0.4.5)
      rexml
    crass (1.0.6)
    css_parser (1.11.0)
      addressable
    cssbundling-rails (1.0.0)
      railties (>= 6.0.0)
    data_uri (0.1.0)
    debug_inspector (1.1.0)
    derailed_benchmarks (1.8.1)
      benchmark-ips (~> 2)
      get_process_mem (~> 0)
      heapy (~> 0)
      memory_profiler (~> 0)
      mini_histogram (>= 0.2.1)
      rack (>= 1)
      rake (> 10, < 14)
      ruby-statistics (>= 2.1)
      thor (>= 0.19, < 2)
    descendants_tracker (0.0.4)
      thread_safe (~> 0.3, >= 0.3.1)
    device_detector (1.0.7)
    devise (4.8.1)
      bcrypt (~> 3.0)
      orm_adapter (~> 0.1)
      railties (>= 4.1.0)
      responders
      warden (~> 1.2.3)
    diff-lcs (1.4.4)
    docile (1.4.0)
    dotiw (5.3.2)
      activesupport
      i18n
    dumb_delegator (1.0.0)
    email_spec (2.2.0)
      htmlentities (~> 4.3.3)
      launchy (~> 2.1)
      mail (~> 2.7)
    erb_lint (0.1.1)
      activesupport
      better_html (~> 1.0.7)
      html_tokenizer
      parser (>= 2.7.1.4)
      rainbow
      rubocop
      smart_properties
    errbase (0.2.1)
    erubi (1.10.0)
    et-orbi (1.2.6)
      tzinfo
    execjs (2.8.1)
    factory_bot (6.2.0)
      activesupport (>= 5.0.0)
    factory_bot_rails (6.2.0)
      factory_bot (~> 6.2.0)
      railties (>= 5.0.0)
    faker (2.19.0)
      i18n (>= 1.6, < 2)
    faraday (1.8.0)
      faraday-em_http (~> 1.0)
      faraday-em_synchrony (~> 1.0)
      faraday-excon (~> 1.1)
      faraday-httpclient (~> 1.0.1)
      faraday-net_http (~> 1.0)
      faraday-net_http_persistent (~> 1.1)
      faraday-patron (~> 1.0)
      faraday-rack (~> 1.0)
      multipart-post (>= 1.2, < 3)
      ruby2_keywords (>= 0.0.4)
    faraday-em_http (1.0.0)
    faraday-em_synchrony (1.0.0)
    faraday-excon (1.1.0)
    faraday-httpclient (1.0.1)
    faraday-net_http (1.0.1)
    faraday-net_http_persistent (1.2.0)
    faraday-patron (1.0.0)
    faraday-rack (1.0.0)
    ffi (1.15.4)
    ffi-compiler (1.0.1)
      ffi (>= 1.0.0)
      rake
    formatador (0.2.5)
    foundation_emails (2.2.1.0)
    fugit (1.5.2)
      et-orbi (~> 1.1, >= 1.1.8)
      raabro (~> 1.4)
    geocoder (1.7.0)
    get_process_mem (0.2.7)
      ffi (~> 1.0)
    globalid (1.0.0)
      activesupport (>= 5.0)
    good_job (2.7.4)
      activejob (>= 5.2.0)
      activerecord (>= 5.2.0)
      concurrent-ruby (>= 1.0.2)
      fugit (>= 1.1)
      railties (>= 5.2.0)
      thor (>= 0.14.1)
      webrick (>= 1.3)
      zeitwerk (>= 2.0)
    google-protobuf (3.19.4)
    guard (2.16.2)
      formatador (>= 0.2.4)
      listen (>= 2.7, < 4.0)
      lumberjack (>= 1.0.12, < 2.0)
      nenv (~> 0.1)
      notiffany (~> 0.0)
      pry (>= 0.9.12)
      shellany (~> 0.0)
      thor (>= 0.18.1)
    guard-compat (1.2.1)
    guard-rspec (4.7.3)
      guard (~> 2.1)
      guard-compat (~> 1.1)
      rspec (>= 2.99.0, < 4.0)
    hashdiff (1.0.1)
    hashie (4.1.0)
    heapy (0.2.0)
      thor
    highline (2.0.3)
    hiredis (0.6.3)
    html_tokenizer (0.0.7)
    htmlentities (4.3.4)
    http_accept_language (2.1.1)
    i18n (1.10.0)
      concurrent-ruby (~> 1.0)
    i18n-tasks (0.9.35)
      activesupport (>= 4.0.2)
      ast (>= 2.1.0)
      erubi
      highline (>= 2.0.0)
      i18n
      parser (>= 2.2.3.0)
      rails-i18n
      rainbow (>= 2.2.2, < 4.0)
      terminal-table (>= 1.5.1)
    ice_nine (0.11.2)
    io-console (0.5.9)
    irb (1.3.7)
      reline (>= 0.2.7)
    jmespath (1.4.0)
    jsbundling-rails (1.0.0)
      railties (>= 6.0.0)
    jwt (2.3.0)
    knapsack (4.0.0)
      rake
    launchy (2.5.0)
      addressable (~> 2.7)
    listen (3.5.1)
      rb-fsevent (~> 0.10, >= 0.10.3)
      rb-inotify (~> 0.9, >= 0.9.10)
    lograge (0.11.2)
      actionpack (>= 4)
      activesupport (>= 4)
      railties (>= 4)
      request_store (~> 1.0)
    loofah (2.14.0)
      crass (~> 1.0.2)
      nokogiri (>= 1.5.9)
    lru_redux (1.1.0)
    lumberjack (1.2.8)
    macaddr (1.7.2)
      systemu (~> 2.6.5)
    mail (2.7.1)
      mini_mime (>= 0.1.1)
    marcel (1.0.2)
    maxminddb (0.1.22)
    memory_profiler (0.9.14)
    method_source (1.0.0)
    mini_histogram (0.3.1)
    mini_mime (1.1.2)
    mini_portile2 (2.8.0)
    minitest (5.15.0)
    msgpack (1.4.2)
    multipart-post (2.1.1)
    multiset (0.5.3)
    nenv (0.3.0)
    net-sftp (3.0.0)
      net-ssh (>= 5.0.0, < 7.0.0)
    net-ssh (6.1.0)
    newrelic_rpm (8.5.0)
    nio4r (2.5.8)
    nokogiri (1.13.4)
      mini_portile2 (~> 2.8.0)
      racc (~> 1.4)
    notiffany (0.1.3)
      nenv (~> 0.1)
      shellany (~> 0.0)
    octokit (4.21.0)
      faraday (>= 0.9)
      sawyer (~> 0.8.0, >= 0.5.3)
    openssl (2.2.0)
    openssl-signature_algorithm (1.1.1)
      openssl (~> 2.0)
    orm_adapter (0.5.0)
    parallel (1.21.0)
    parallel_tests (3.7.3)
      parallel
    parser (3.0.3.2)
      ast (~> 2.4.1)
    pg (1.2.3)
    pg_query (2.1.3)
      google-protobuf (>= 3.19.2)
    phonelib (0.6.54)
    pkcs11 (0.3.3)
    premailer (1.15.0)
      addressable
      css_parser (>= 1.6.0)
      htmlentities (>= 4.0.0)
    premailer-rails (1.11.1)
      actionmailer (>= 3)
      premailer (~> 1.7, >= 1.7.9)
    profanity_filter (0.1.1)
    pry (0.13.1)
      coderay (~> 1.1)
      method_source (~> 1.0)
    pry-byebug (3.9.0)
      byebug (~> 11.0)
      pry (~> 0.13.0)
    pry-doc (1.2.0)
      pry (~> 0.11)
      yard (~> 0.9.11)
    pry-rails (0.3.9)
      pry (>= 0.10.4)
    psych (4.0.2)
    public_suffix (4.0.6)
    puma (5.6.4)
      nio4r (~> 2.0)
    raabro (1.4.0)
    racc (1.6.0)
    rack (2.2.3)
    rack-attack (6.5.0)
      rack (>= 1.0, < 3)
    rack-cors (1.1.1)
      rack (>= 2.0.0)
    rack-headers_filter (0.0.1)
    rack-mini-profiler (2.3.3)
      rack (>= 1.2.0)
    rack-test (1.1.0)
      rack (>= 1.0, < 3)
    rack-timeout (0.6.0)
    rack_session_access (0.2.0)
      builder (>= 2.0.0)
      rack (>= 1.0.0)
    rails (6.1.4.7)
      actioncable (= 6.1.4.7)
      actionmailbox (= 6.1.4.7)
      actionmailer (= 6.1.4.7)
      actionpack (= 6.1.4.7)
      actiontext (= 6.1.4.7)
      actionview (= 6.1.4.7)
      activejob (= 6.1.4.7)
      activemodel (= 6.1.4.7)
      activerecord (= 6.1.4.7)
      activestorage (= 6.1.4.7)
      activesupport (= 6.1.4.7)
      bundler (>= 1.15.0)
      railties (= 6.1.4.7)
      sprockets-rails (>= 2.0.0)
    rails-controller-testing (1.0.5)
      actionpack (>= 5.0.1.rc1)
      actionview (>= 5.0.1.rc1)
      activesupport (>= 5.0.1.rc1)
    rails-dom-testing (2.0.3)
      activesupport (>= 4.2.0)
      nokogiri (>= 1.6)
    rails-erd (1.6.1)
      activerecord (>= 4.2)
      activesupport (>= 4.2)
      choice (~> 0.2.0)
      ruby-graphviz (~> 1.2)
    rails-html-sanitizer (1.4.2)
      loofah (~> 2.3)
    rails-i18n (6.0.0)
      i18n (>= 0.7, < 2)
      railties (>= 6.0.0, < 7)
    railties (6.1.4.7)
      actionpack (= 6.1.4.7)
      activesupport (= 6.1.4.7)
      method_source
      rake (>= 0.13)
      thor (~> 1.0)
    rainbow (3.0.0)
    rake (13.0.6)
    rb-fsevent (0.10.4)
    rb-inotify (0.10.1)
      ffi (~> 1.0)
    redacted_struct (1.1.0)
    redis (4.5.1)
    redis-namespace (1.8.1)
      redis (>= 3.0.4)
    redis-session-store (0.11.4)
      actionpack (>= 3, < 8)
      redis (>= 3, < 5)
    regexp_parser (2.2.0)
    reline (0.2.7)
      io-console (~> 0.5)
    request_store (1.5.0)
      rack (>= 1.4)
    responders (3.0.1)
      actionpack (>= 5.0)
      railties (>= 5.0)
    retries (0.0.5)
    rexml (3.2.5)
    rotp (6.2.0)
    rqrcode (2.1.0)
      chunky_png (~> 1.0)
      rqrcode_core (~> 1.0)
    rqrcode_core (1.2.0)
    rspec (3.10.0)
      rspec-core (~> 3.10.0)
      rspec-expectations (~> 3.10.0)
      rspec-mocks (~> 3.10.0)
    rspec-core (3.10.1)
      rspec-support (~> 3.10.0)
    rspec-expectations (3.10.1)
      diff-lcs (>= 1.2.0, < 2.0)
      rspec-support (~> 3.10.0)
    rspec-mocks (3.10.2)
      diff-lcs (>= 1.2.0, < 2.0)
      rspec-support (~> 3.10.0)
    rspec-rails (4.1.2)
      actionpack (>= 4.2)
      activesupport (>= 4.2)
      railties (>= 4.2)
      rspec-core (~> 3.10)
      rspec-expectations (~> 3.10)
      rspec-mocks (~> 3.10)
      rspec-support (~> 3.10)
    rspec-retry (0.6.2)
      rspec-core (> 3.3)
    rspec-support (3.10.3)
    rubocop (1.23.0)
      parallel (~> 1.10)
      parser (>= 3.0.0.0)
      rainbow (>= 2.2.2, < 4.0)
      regexp_parser (>= 1.8, < 3.0)
      rexml
      rubocop-ast (>= 1.12.0, < 2.0)
      ruby-progressbar (~> 1.7)
      unicode-display_width (>= 1.4.0, < 3.0)
    rubocop-ast (1.15.0)
      parser (>= 3.0.1.1)
    rubocop-performance (1.12.0)
      rubocop (>= 1.7.0, < 2.0)
      rubocop-ast (>= 0.4.0)
    rubocop-rails (2.12.4)
      activesupport (>= 4.2.0)
      rack (>= 1.1)
      rubocop (>= 1.7.0, < 2.0)
    ruby-graphviz (1.2.5)
      rexml
    ruby-progressbar (1.11.0)
    ruby-saml (1.13.0)
      nokogiri (>= 1.10.5)
      rexml
    ruby-statistics (2.1.3)
    ruby2_keywords (0.0.5)
    rubyzip (2.3.2)
    safe_target_blank (1.0.2)
      rails
    safely_block (0.3.0)
      errbase (>= 0.1.1)
    safety_net_attestation (0.4.0)
      jwt (~> 2.0)
    sawyer (0.8.2)
      addressable (>= 2.3.5)
      faraday (> 0.8, < 2.0)
    scrypt (3.0.7)
      ffi-compiler (>= 1.0, < 2.0)
    secure_headers (6.3.3)
    securecompare (1.0.0)
    selenium-webdriver (4.1.0)
      childprocess (>= 0.5, < 5.0)
      rexml (~> 3.2, >= 3.2.5)
      rubyzip (>= 1.2.2)
    shellany (0.0.1)
    shoulda-matchers (4.5.1)
      activesupport (>= 4.2.0)
    simple_form (5.1.0)
      actionpack (>= 5.2)
      activemodel (>= 5.2)
    simplecov (0.21.2)
      docile (~> 1.1)
      simplecov-html (~> 0.11)
      simplecov_json_formatter (~> 0.1)
    simplecov-cobertura (2.0.0)
      rexml
      simplecov (~> 0.19)
    simplecov-html (0.12.3)
    simplecov_json_formatter (0.1.3)
    simpleidn (0.2.1)
      unf (~> 0.1.4)
    smart_properties (1.17.0)
    sprockets (4.0.3)
      concurrent-ruby (~> 1.0)
      rack (> 1, < 3)
    sprockets-rails (3.4.2)
      actionpack (>= 5.2)
      activesupport (>= 5.2)
      sprockets (>= 3.0.0)
    stringex (2.8.5)
    strong_migrations (0.7.9)
      activerecord (>= 5)
    subprocess (1.5.5)
    systemu (2.6.5)
    terminal-table (3.0.2)
      unicode-display_width (>= 1.1.1, < 3)
    thor (1.2.1)
    thread_safe (0.3.6)
    tpm-key_attestation (0.10.0)
      bindata (~> 2.4)
      openssl-signature_algorithm (~> 1.0)
    tzinfo (2.0.4)
      concurrent-ruby (~> 1.0)
    uglifier (4.2.0)
      execjs (>= 0.3.0, < 3)
    unf (0.1.4)
      unf_ext
    unf_ext (0.0.8)
    unicode-display_width (2.1.0)
    uniform_notifier (1.14.2)
    uuid (2.3.9)
      macaddr (~> 1.0)
    valid_email (0.1.4)
      activemodel
      mail (>= 2.6.1)
      simpleidn
    view_component (2.51.0)
      activesupport (>= 5.0.0, < 8.0)
      method_source (~> 1.0)
    virtus (2.0.0)
      axiom-types (~> 0.1)
      coercible (~> 1.0)
      descendants_tracker (~> 0.0, >= 0.0.3)
    warden (1.2.9)
      rack (>= 2.0.9)
    webauthn (2.5.0)
      android_key_attestation (~> 0.3.0)
      awrence (~> 1.1)
      bindata (~> 2.4)
      cbor (~> 0.5.9)
      cose (~> 1.1)
      openssl (~> 2.1)
      safety_net_attestation (~> 0.4.0)
      securecompare (~> 1.0)
      tpm-key_attestation (~> 0.10.0)
    webdrivers (4.7.0)
      nokogiri (~> 1.6)
      rubyzip (>= 1.3.0)
      selenium-webdriver (> 3.141, < 5.0)
    webmock (3.14.0)
      addressable (>= 2.8.0)
      crack (>= 0.3.2)
      hashdiff (>= 0.4.0, < 2.0.0)
    webrick (1.7.0)
    websocket-driver (0.7.5)
      websocket-extensions (>= 0.1.0)
    websocket-extensions (0.1.5)
    xmldsig (0.6.6)
      nokogiri (>= 1.6.8, < 2.0.0)
    xmlenc (0.8.0)
      activemodel (>= 3.0.0)
      activesupport (>= 3.0.0)
      nokogiri (>= 1.6.0, < 2.0.0)
      xmlmapper (>= 0.7.3)
    xmlmapper (0.8.1)
      nokogiri (~> 1.11)
    xpath (3.2.0)
      nokogiri (~> 1.8)
    yard (0.9.26)
    zeitwerk (2.5.4)
    zonebie (0.6.1)
    zxcvbn (0.1.7)

PLATFORMS
  ruby

DEPENDENCIES
  ahoy_matey (~> 3.0)
  aws-sdk-cloudwatchlogs
  aws-sdk-kms (~> 1.4)
  aws-sdk-pinpoint
  aws-sdk-pinpointsmsvoice
  aws-sdk-ses (~> 1.6)
  aws-sdk-sns
  axe-core-rspec (~> 4.2)
  base32-crockford
  better_errors (>= 2.5.1)
  binding_of_caller
  blueprinter (~> 0.25.3)
  bootsnap (~> 1.9.0)
  brakeman
  browser
  bullet (>= 6.0.2)
  bundler-audit
  capybara-selenium (>= 0.0.6)
  connection_pool
  cssbundling-rails
  data_uri
  derailed_benchmarks (~> 1.8)
  devise (~> 4.8)
  dotiw (>= 4.0.1)
  email_spec
  erb_lint (~> 0.1.0)
  factory_bot_rails (>= 5.2.0)
  faker
  faraday
  foundation_emails
  good_job (~> 2.7.0)
  guard-rspec
  hashie (~> 4.1)
  hiredis (~> 0.6.0)
  http_accept_language
  i18n-tasks (>= 0.9.31)
  identity-hostdata!
  identity-logging!
  identity_validations!
  irb
  jsbundling-rails (~> 1.0.0)
  jwt
  knapsack
  lograge (>= 0.11.2)
  lru_redux
  maxminddb
  multiset
  net-sftp
  newrelic_rpm (~> 8.0)
  nokogiri (~> 1.13.4)
  octokit
  parallel_tests
  pg
  pg_query
  phonelib
  premailer-rails (>= 1.11.1)
  profanity_filter
  pry-byebug
  pry-doc
  pry-rails
  psych
  puma
  rack-attack (>= 6.2.1)
  rack-cors (>= 1.0.5)
  rack-headers_filter
  rack-mini-profiler (>= 1.1.3)
  rack-test (>= 1.1.0)
  rack-timeout
  rack_session_access (>= 0.2.0)
  rails (~> 6.1.4)
  rails-controller-testing (>= 1.0.4)
  rails-erd (>= 1.6.0)
  redacted_struct
  redis (>= 3.2.0)
  redis-namespace
  redis-session-store (>= 0.11.4)
  retries
  rotp (~> 6.1)
  rqrcode
  rspec-rails (~> 4.0)
  rspec-retry
  rubocop (~> 1.23.0)
  rubocop-performance (~> 1.12.0)
  rubocop-rails (>= 2.5.2)
  ruby-progressbar
  ruby-saml
  safe_target_blank (>= 1.0.2)
  saml_idp!
  scrypt
  secure_headers (~> 6.3)
  shoulda-matchers (~> 4.0)
  simple_form (>= 5.0.2)
  simplecov (~> 0.21.0)
  simplecov-cobertura
  simplecov_json_formatter
  stringex
  strong_migrations (>= 0.4.2)
  subprocess
  uglifier (~> 4.2)
  valid_email (>= 0.1.3)
  view_component (~> 2.51.0)
  webauthn (~> 2.1)
  webdrivers (~> 4.0)
  webmock
  xmldsig (~> 0.6)
  xmlenc (~> 0.7, >= 0.7.1)
  yard
  zonebie
  zxcvbn (= 0.1.7)

RUBY VERSION
   ruby 3.0.3p157

BUNDLED WITH
   2.2.32
